GEM
  remote: https://rubygems.org/
  specs:
    aoc_rb (0.2.6)
      dotenv (~> 3.1)
      httparty (~> 0.22)
      nokogiri (~> 1.16)
      rspec (~> 3.0)
      thor (~> 1.3)
    bigdecimal (3.1.1)
    csv (3.2.2)
    diff-lcs (1.5.1)
    dotenv (3.1.4)
    httparty (0.22.0)
      csv
      mini_mime (>= 1.0.0)
      multi_xml (>= 0.5.2)
    mini_mime (1.1.5)
    multi_xml (0.7.1)
      bigdecimal (~> 3.1)
    nokogiri (1.16.8-x86_64-linux)
      racc (~> 1.4)
    racc (1.6.0)
    rspec (3.13.0)
      rspec-core (~> 3.13.0)
      rspec-expectations (~> 3.13.0)
      rspec-mocks (~> 3.13.0)
    rspec-core (3.13.2)
      rspec-support (~> 3.13.0)
    rspec-expectations (3.13.3)
      diff-lcs (>= 1.2.0, < 2.0)
      rspec-support (~> 3.13.0)
    rspec-mocks (3.13.2)
      diff-lcs (>= 1.2.0, < 2.0)
      rspec-support (~> 3.13.0)
    rspec-support (3.13.2)
    thor (1.3.2)

PLATFORMS
  x86_64-linux

DEPENDENCIES
  aoc_rb

BUNDLED WITH
   2.3.7
